GIT
  remote: https://github.com/knaveofdiamonds/sequel-redshift.git
  revision: 649b9b8b3229ed924dc1ceff495e224d21cb3193
  specs:
    sequel-redshift (0.0.1)
      pg
      sequel

GEM
  remote: https://rubygems.org/
  specs:
    actionpack (4.2.0)
      actionview (= 4.2.0)
      activesupport (= 4.2.0)
      rack (~> 1.6.0)
      rack-test (~> 0.6.2)
      rails-dom-testing (~> 1.0, >= 1.0.5)
      rails-html-sanitizer (~> 1.0, >= 1.0.1)
    actionview (4.2.0)
      activesupport (= 4.2.0)
      builder (~> 3.1)
      erubis (~> 2.7.0)
      rails-dom-testing (~> 1.0, >= 1.0.5)
      rails-html-sanitizer (~> 1.0, >= 1.0.1)
    activemodel (4.2.0)
      activesupport (= 4.2.0)
      builder (~> 3.1)
    activesupport (4.2.0)
      i18n (~> 0.7)
      json (~> 1.7, >= 1.7.7)
      minitest (~> 5.1)
      thread_safe (~> 0.3, >= 0.3.4)
      tzinfo (~> 1.1)
    builder (3.2.2)
    columnize (0.8.9)
    debugger (1.6.8)
      columnize (>= 0.3.1)
      debugger-linecache (~> 1.2.0)
      debugger-ruby_core_source (~> 1.3.5)
    debugger-linecache (1.2.0)
    debugger-ruby_core_source (1.3.7)
    disposable (0.0.9)
      representable (~> 2.0)
      uber
    erubis (2.7.0)
    i18n (0.7.0)
    json (1.8.2)
    kgio (2.9.2)
    loofah (2.0.1)
      nokogiri (>= 1.5.9)
    mini_portile (0.6.2)
    minitest (5.5.1)
    multi_json (1.10.1)
    nokogiri (1.6.5)
      mini_portile (~> 0.6.0)
    pg (0.18.1)
    rack (1.6.0)
    rack-protection (1.5.3)
      rack
    rack-test (0.6.3)
      rack (>= 1.0)
    rails-deprecated_sanitizer (1.0.3)
      activesupport (>= 4.2.0.alpha)
    rails-dom-testing (1.0.5)
      activesupport (>= 4.2.0.beta, < 5.0)
      nokogiri (~> 1.6.0)
      rails-deprecated_sanitizer (>= 1.0.1)
    rails-html-sanitizer (1.0.1)
      loofah (~> 2.0)
    raindrops (0.13.0)
    reform (1.2.5)
      activemodel
      disposable (~> 0.0.5)
      representable (~> 2.1.0)
      uber (~> 0.0.11)
    representable (2.1.3)
      multi_json
      nokogiri
      uber (~> 0.0.7)
    roar (1.0.0)
      representable (>= 2.0.1, <= 3.0.0)
    sequel (4.18.0)
    sequel_pg (1.6.11)
      pg (>= 0.8.0)
      sequel (>= 3.39.0)
    sinatra (1.4.5)
      rack (~> 1.4)
      rack-protection (~> 1.4)
      tilt (~> 1.3, >= 1.3.4)
    thread_safe (0.3.4)
    tilt (1.4.1)
    trailblazer (0.2.1)
      actionpack (>= 3.0.0)
      reform (~> 1.2.0)
      representable (>= 2.1.1, < 2.2.0)
      uber (>= 0.0.10)
    tzinfo (1.2.2)
      thread_safe (~> 0.1)
    uber (0.0.13)
    unicorn (4.8.3)
      kgio (~> 2.6)
      rack
      raindrops (~> 0.7)

PLATFORMS
  ruby

DEPENDENCIES
  debugger
  roar
  sequel
  sequel-redshift!
  sequel_pg
  sinatra
  trailblazer
  unicorn
